GEM
  remote: https://rubygems.org/
  specs:
    crass (1.0.6)
    erubi (1.10.0)
    flipper (0.24.1)
    flipper-redis (0.24.1)
      flipper (~> 0.24.1)
      redis (>= 3.0, < 5)
    flipper-ui (0.24.1)
      erubi (>= 1.0.0, < 2.0.0)
      flipper (~> 0.24.1)
      rack (>= 1.4, < 3)
      rack-protection (>= 1.5.3, <= 2.2.0)
      sanitize (< 7)
    mini_portile2 (2.8.1)
    nokogiri (1.14.0)
      mini_portile2 (~> 2.8.0)
      racc (~> 1.4)
    racc (1.6.2)
    rack (2.2.3.1)
    rack-protection (2.2.0)
      rack
    redis (4.6.0)
    sanitize (6.0.1)
      crass (~> 1.0.2)
      nokogiri (>= 1.12.0)

PLATFORMS
  ruby

DEPENDENCIES
  flipper
  flipper-redis
  flipper-ui
  rack

BUNDLED WITH
   2.1.4
