GEM
  remote: https://rubygems.org/
  specs:
    erubi (1.9.0)
    flipper (0.18.0)
    flipper-redis (0.18.0)
      flipper (~> 0.18.0)
      redis (>= 2.2, < 5)
    flipper-ui (0.18.0)
      erubi (>= 1.0.0, < 2.0.0)
      flipper (~> 0.18.0)
      rack (>= 1.4, < 3)
      rack-protection (>= 1.5.3, < 2.1.0)
    rack (2.2.3)
    rack-protection (2.0.8.1)
      rack
    redis (4.2.1)

PLATFORMS
  ruby

DEPENDENCIES
  flipper
  flipper-redis
  flipper-ui
  rack

BUNDLED WITH
   2.1.4
